GEM
  remote: http://rubygems.org/
  specs:
    activesupport (5.2.1)
      concurrent-ruby (~> 1.0, >= 1.0.2)
      i18n (>= 0.7, < 2)
      minitest (~> 5.1)
      tzinfo (~> 1.1)
    artii (2.1.2)
    colorize (0.8.1)
    concurrent-ruby (1.1.3)
    equatable (0.5.0)
    i18n (1.1.1)
      concurrent-ruby (~> 1.0)
    minitest (5.11.3)
    necromancer (0.3.0)
    paint (2.0.1)
    pastel (0.7.2)
      equatable (~> 0.5.0)
      tty-color (~> 0.4.0)
    thread_safe (0.3.6)
    tty-color (0.4.3)
    tty-cursor (0.3.0)
    tty-prompt (0.10.1)
      necromancer (~> 0.3.0)
      pastel (~> 0.7.0)
      tty-cursor (~> 0.3.0)
      wisper (~> 1.6.1)
    tty-screen (0.5.1)
    tty-table (0.7.0)
      equatable (~> 0.5.0)
      necromancer (~> 0.3.0)
      pastel (~> 0.7.0)
      tty-screen (~> 0.5.0)
      unicode-display_width (~> 1.1.0)
      verse (~> 0.5.0)
    tzinfo (1.2.5)
      thread_safe (~> 0.1)
    unicode-display_width (1.1.3)
    unicode_utils (1.4.0)
    verse (0.5.0)
      unicode-display_width (~> 1.1.0)
      unicode_utils (~> 1.4.0)
    whirly (0.2.6)
      unicode-display_width (~> 1.1)
    wisper (1.6.1)

PLATFORMS
  ruby

DEPENDENCIES
  activesupport (~> 5.0)!
  artii (~> 2.1, >= 2.1.1)!
  colorize (~> 0.8.1)!
  paint!
  tty-cursor!
  tty-prompt!
  tty-table!
  whirly!

BUNDLED WITH
   1.17.1
